GEM
  remote: https://rubygems.org/
  specs:
    addressable (2.8.1)
      public_suffix (>= 2.0.2, < 6.0)
    debug (1.7.1)
      irb (>= 1.5.0)
      reline (>= 0.3.1)
    down (5.4.0)
      addressable (~> 2.8)
    faraday (2.7.2)
      faraday-net_http (>= 2.0, < 3.1)
      ruby2_keywords (>= 0.0.4)
    faraday-net_http (3.0.2)
    io-console (0.6.0)
    irb (1.6.2)
      reline (>= 0.3.0)
    public_suffix (5.0.1)
    reline (0.3.2)
      io-console (~> 0.5)
    ruby2_keywords (0.0.5)

PLATFORMS
  x86_64-darwin-21
  x86_64-darwin-22

DEPENDENCIES
  debug (>= 1.7.1)
  down (~> 5.0, >= 5.4.0)
  faraday (~> 2.7, >= 2.7.2)

BUNDLED WITH
   2.3.21
